GEM
  remote: https://rubygems.org/
  specs:
    httparty (0.19.0)
      mime-types (~> 3.0)
      multi_xml (>= 0.5.2)
    mime-types (3.3.1)
      mime-types-data (~> 3.2015)
    mime-types-data (3.2021.0901)
    multi_xml (0.6.0)
    pg (1.2.3)
    sequel (5.48.0)

PLATFORMS
  x86_64-darwin-19
  x86_64-darwin-20

DEPENDENCIES
  httparty
  pg
  sequel

BUNDLED WITH
   2.2.15
