GEM
  remote: https://rubygems.org/
  specs:
    honeybadger (4.10.0)
    httparty (0.20.0)
      mime-types (~> 3.0)
      multi_xml (>= 0.5.2)
    mime-types (3.4.1)
      mime-types-data (~> 3.2015)
    mime-types-data (3.2022.0105)
    multi_xml (0.6.0)
    pg (1.3.1)
    sequel (5.53.0)

PLATFORMS
  x86_64-darwin-20
  x86_64-linux

DEPENDENCIES
  honeybadger (~> 4.0)
  httparty
  pg
  sequel

BUNDLED WITH
   2.3.3
