GEM
  remote: https://rubygems.org/
  specs:
    pg (1.2.3)
    sequel (5.48.0)

PLATFORMS
  x86_64-darwin-20

DEPENDENCIES
  pg
  sequel

BUNDLED WITH
   2.2.15
