GEM
  remote: https://rubygems.org/
  specs:
    honeybadger (4.10.0)
    httparty (0.21.0)
      mini_mime (>= 1.0.0)
      multi_xml (>= 0.5.2)
    mini_mime (1.1.2)
    multi_xml (0.6.0)
    pg (1.4.6)
    rake (13.0.6)
    sequel (5.67.0)

PLATFORMS
  arm64-darwin-22
  x86_64-darwin-20
  x86_64-darwin-21
  x86_64-linux

DEPENDENCIES
  honeybadger (~> 4.0)
  httparty
  pg
  rake
  sequel

BUNDLED WITH
   2.4.10
